GEM
  remote: https://rubygems.org/
  specs:
    coderay (1.1.2)
    concurrent-ruby (1.1.5)
    faker (1.9.3)
      i18n (>= 0.7)
    ffi (1.11.1-java)
    i18n (1.6.0)
      concurrent-ruby (~> 1.0)
    method_source (0.9.2)
    pry (0.12.2-java)
      coderay (~> 1.1.0)
      method_source (~> 0.9.0)
      spoon (~> 0.0)
    spoon (0.0.6)
      ffi

PLATFORMS
  java

DEPENDENCIES
  faker
  pry

BUNDLED WITH
   2.0.1
